GEM
  remote: https://rubygems.org/
  specs:
    coderay (1.1.1)
    geocoder (1.3.1)
    method_source (0.8.2)
    mini_portile2 (2.0.0)
    nokogiri (1.6.7.2)
      mini_portile2 (~> 2.0.0.rc2)
    pry (0.10.4)
      coderay (~> 1.1.0)
      method_source (~> 0.8.1)
      slop (~> 3.4)
    skrape (0.0.2)
      nokogiri (~> 1.6)
    slop (3.6.0)
    string_processing (0.0.1)

PLATFORMS
  ruby

DEPENDENCIES
  geocoder
  pry
  skrape
  slop
  string_processing

BUNDLED WITH
   1.14.6
