GEM
  remote: https://rubygems.org/
  specs:
    geocoder (1.3.1)
    mini_portile2 (2.0.0)
    nokogiri (1.6.7.2)
      mini_portile2 (~> 2.0.0.rc2)
    skrape (0.0.2)
      nokogiri (~> 1.6)
    slop (3.6.0)
    string_processing (0.0.1)

PLATFORMS
  ruby

DEPENDENCIES
  geocoder
  skrape
  slop
  string_processing

BUNDLED WITH
   1.11.2
